GEM
  remote: https://rubygems.org/
  specs:
    ast (2.4.0)
    jaro_winkler (1.5.4)
    minitest (5.14.0)
    parallel (1.19.1)
    parser (2.7.0.4)
      ast (~> 2.4.0)
    rainbow (3.0.0)
    rexml (3.2.4)
    rubocop (0.80.0)
      jaro_winkler (~> 1.5.1)
      parallel (~> 1.10)
      parser (>= 2.7.0.1)
      rainbow (>= 2.2.2, < 4.0)
      rexml
      ruby-progressbar (~> 1.7)
      unicode-display_width (>= 1.4.0, < 1.7)
    rubocop-sketchup (0.15.1)
      rubocop (>= 0.80, <= 0.80)
    ruby-progressbar (1.10.1)
    sketchup-api-stubs (0.7.1)
    unicode-display_width (1.6.1)

PLATFORMS
  x64-mingw32
  x86-mingw32

DEPENDENCIES
  minitest
  rubocop (~> 0.80.0)
  rubocop-sketchup (~> 0.15.1)
  sketchup-api-stubs

BUNDLED WITH
   1.17.3
